GEM
  remote: https://rubygems.org/
  specs:
    byebug (5.0.0)
    colorize (0.7.7)

PLATFORMS
  ruby

DEPENDENCIES
  byebug
  colorize
